PATH
  remote: ..
  specs:
    social_engine (0.0.1)
      formtastic
      haml
      inherited_resources
      yettings

GEM
  remote: http://rubygems.org/
  specs:
    ZenTest (4.5.0)
    abstract (1.0.0)
    actionmailer (3.0.5)
      actionpack (= 3.0.5)
      mail (~> 2.2.15)
    actionpack (3.0.5)
      activemodel (= 3.0.5)
      activesupport (= 3.0.5)
      builder (~> 2.1.2)
      erubis (~> 2.6.6)
      i18n (~> 0.4)
      rack (~> 1.2.1)
      rack-mount (~> 0.6.13)
      rack-test (~> 0.5.7)
      tzinfo (~> 0.3.23)
    activemodel (3.0.5)
      activesupport (= 3.0.5)
      builder (~> 2.1.2)
      i18n (~> 0.4)
    activerecord (3.0.5)
      activemodel (= 3.0.5)
      activesupport (= 3.0.5)
      arel (~> 2.0.2)
      tzinfo (~> 0.3.23)
    activeresource (3.0.5)
      activemodel (= 3.0.5)
      activesupport (= 3.0.5)
    activesupport (3.0.5)
    arel (2.0.9)
    autotest (4.4.6)
      ZenTest (>= 4.4.1)
    autotest-notification (2.3.1)
      autotest (~> 4.3)
    autotest-rails (4.1.0)
      ZenTest
    builder (2.1.2)
    capybara (0.4.1.2)
      celerity (>= 0.7.9)
      culerity (>= 0.2.4)
      mime-types (>= 1.16)
      nokogiri (>= 1.3.3)
      rack (>= 1.0.0)
      rack-test (>= 0.5.4)
      selenium-webdriver (>= 0.0.27)
      xpath (~> 0.1.3)
    celerity (0.8.9)
    childprocess (0.1.8)
      ffi (~> 1.0.6)
    configuration (1.2.0)
    cucumber (0.10.2)
      builder (>= 2.1.2)
      diff-lcs (>= 1.1.2)
      gherkin (>= 2.3.5)
      json (>= 1.4.6)
      term-ansicolor (>= 1.0.5)
    cucumber-rails (0.4.0)
      cucumber (>= 0.10.1)
      nokogiri (>= 1.4.4)
      rack-test (>= 0.5.7)
    culerity (0.2.15)
    database_cleaner (0.6.6)
    diff-lcs (1.1.2)
    erubis (2.6.6)
      abstract (>= 1.0.0)
    ffi (1.0.7)
      rake (>= 0.8.7)
    formtastic (2.3.1)
      actionpack (>= 3.0)
    gherkin (2.3.5)
      json (>= 1.4.6)
    haml (5.1.2)
      temple (>= 0.8.0)
      tilt
    has_scope (0.5.1)
    i18n (0.5.0)
    inherited_resources (1.3.1)
      has_scope (~> 0.5.0)
      responders (~> 0.6)
    json (1.5.1)
    json_pure (1.5.1)
    launchy (0.4.0)
      configuration (>= 0.0.5)
      rake (>= 0.8.1)
    mail (2.2.15)
      activesupport (>= 2.3.6)
      i18n (>= 0.4.0)
      mime-types (~> 1.16)
      treetop (~> 1.4.8)
    mime-types (1.16)
    nokogiri (1.4.4)
    polyglot (0.3.1)
    rack (1.2.2)
    rack-mount (0.6.14)
      rack (>= 1.0.0)
    rack-test (0.5.7)
      rack (>= 1.0)
    rails (3.0.5)
      actionmailer (= 3.0.5)
      actionpack (= 3.0.5)
      activerecord (= 3.0.5)
      activeresource (= 3.0.5)
      activesupport (= 3.0.5)
      bundler (~> 1.0)
      railties (= 3.0.5)
    railties (3.0.5)
      actionpack (= 3.0.5)
      activesupport (= 3.0.5)
      rake (>= 0.8.7)
      thor (~> 0.14.4)
    rake (0.8.7)
    responders (0.6.5)
    rspec (2.5.0)
      rspec-core (~> 2.5.0)
      rspec-expectations (~> 2.5.0)
      rspec-mocks (~> 2.5.0)
    rspec-core (2.5.1)
    rspec-expectations (2.5.0)
      diff-lcs (~> 1.1.2)
    rspec-mocks (2.5.0)
    rspec-rails (2.5.0)
      actionpack (~> 3.0)
      activesupport (~> 3.0)
      railties (~> 3.0)
      rspec (~> 2.5.0)
    rubyzip (0.9.4)
    selenium-webdriver (0.1.4)
      childprocess (>= 0.1.7)
      ffi (>= 1.0.7)
      json_pure
      rubyzip
    spork (0.8.4)
    sqlite3 (1.3.3)
    sqlite3-ruby (1.3.3)
      sqlite3 (>= 1.3.3)
    systemu (1.2.0)
    temple (0.8.2)
    term-ansicolor (1.0.5)
    thor (0.14.6)
    tilt (2.0.10)
    treetop (1.4.9)
      polyglot (>= 0.3.1)
    tzinfo (0.3.26)
    xpath (0.1.3)
      nokogiri (~> 1.3)
    yettings (0.1.1)

PLATFORMS
  ruby

DEPENDENCIES
  autotest-notification
  autotest-rails
  capybara
  cucumber
  cucumber-rails
  database_cleaner
  launchy
  rails (= 3.0.5)
  rspec
  rspec-rails
  social_engine!
  spork
  sqlite3-ruby
  systemu
